GEM
  remote: https://rubygems.org/
  specs:
    rspec-core (3.5.4)
      rspec-support (~> 3.5.0)
    rspec-support (3.5.0)

PLATFORMS
  ruby

DEPENDENCIES
  rspec-core (~> 3.3, >= 3.3.2)

BUNDLED WITH
   1.10.6
